GEM
  remote: https://rubygems.org/
  specs:
    dry-cli (0.7.0)
    httparty (0.20.0)
      mime-types (~> 3.0)
      multi_xml (>= 0.5.2)
    mime-types (3.4.1)
      mime-types-data (~> 3.2015)
    mime-types-data (3.2022.0105)
    multi_xml (0.6.0)

PLATFORMS
  arm64-darwin-20

DEPENDENCIES
  dry-cli
  httparty

RUBY VERSION
   ruby 2.7.5p203

BUNDLED WITH
   2.2.24
